GEM
  remote: http://rubygems.org/
  specs:
    activesupport (3.1.8)
      multi_json (>= 1.0, < 1.3)
    backports (3.3.1)
    builder (3.0.0)
    columnize (0.3.6)
    curb (0.7.18)
    daemons (1.1.8)
    debugger (1.2.0)
      columnize (>= 0.3.1)
      debugger-linecache (~> 1.1.1)
      debugger-ruby_core_source (~> 1.1.3)
    debugger-linecache (1.1.2)
      debugger-ruby_core_source (>= 1.1.1)
    debugger-ruby_core_source (1.1.3)
    eventmachine (0.12.10)
    excon (0.15.5)
    faraday (0.8.4)
      multipart-post (~> 1.1)
    feedzirra (0.1.3)
      activesupport (~> 3.1.1)
      builder (>= 2.1.2)
      curb (~> 0.7.15)
      i18n (>= 0.5.0)
      loofah (~> 1.2.0)
      nokogiri (>= 1.4.4)
      rake (>= 0.8.7)
      rdoc (~> 3.8)
      sax-machine (~> 0.1.0)
    htmlentities (4.3.1)
    i18n (0.6.0)
    json (1.7.5)
    loofah (1.2.1)
      nokogiri (>= 1.4.4)
    multi_json (1.2.0)
    multipart-post (1.1.5)
    nokogiri (1.5.5)
    oj (1.2.9)
    pg (0.13.2)
    rack (1.4.1)
    rack-instruments (0.3.1)
      slides (~> 0.2.0)
    rack-protection (1.2.0)
      rack
    rack-ssl (1.3.2)
      rack
    rack-test (0.6.2)
      rack (>= 1.0)
    rake (0.9.2.2)
    rdoc (3.12)
      json (~> 1.4)
    sax-machine (0.1.0)
      nokogiri (> 0.0.0)
    sequel (3.36.1)
    simple_oauth (0.1.9)
    sinatra (1.3.2)
      rack (~> 1.3, >= 1.3.6)
      rack-protection (~> 1.2)
      tilt (~> 1.3, >= 1.3.3)
    sinatra-contrib (1.3.2)
      backports (>= 2.0)
      eventmachine
      rack-protection
      rack-test
      sinatra (~> 1.3.0)
      tilt (~> 1.3)
    slides (0.2.0)
    term-ansicolor (1.0.7)
    thin (1.4.1)
      daemons (>= 1.0.9)
      eventmachine (>= 0.12.6)
      rack (>= 1.0.0)
    tilt (1.3.3)
    twitter (2.2.0)
      activesupport (>= 2.3.9, < 4)
      faraday (~> 0.7)
      multi_json (~> 1.0)
      simple_oauth (~> 0.1)
    uuidtools (2.1.2)

PLATFORMS
  ruby

DEPENDENCIES
  debugger
  excon
  feedzirra
  htmlentities
  multi_json
  oj
  pg
  rack
  rack-instruments
  rack-ssl
  sequel
  sinatra
  sinatra-contrib
  slides
  term-ansicolor
  thin
  twitter
  uuidtools
